PATH
  remote: .
  specs:
    api-moip-assinaturas (0.2.35)
      activemodel (~> 4.1.6, >= 4.1.6)
      httparty (~> 0.11, >= 0.11.0)
      i18n (~> 0.6.1, >= 0.6.1)
      json (~> 1.7, >= 1.7.7)

GEM
  remote: https://rubygems.org/
  specs:
    activemodel (4.1.6)
      activesupport (= 4.1.6)
      builder (~> 3.1)
    activesupport (4.1.6)
      i18n (~> 0.6, >= 0.6.9)
      json (~> 1.7, >= 1.7.7)
      minitest (~> 5.1)
      thread_safe (~> 0.1)
      tzinfo (~> 1.1)
    builder (3.2.2)
    httparty (0.13.1)
      json (~> 1.8)
      multi_xml (>= 0.5.2)
    i18n (0.6.11)
    json (1.8.1)
    minitest (5.4.2)
    multi_xml (0.5.5)
    thread_safe (0.3.4)
    tzinfo (1.2.2)
      thread_safe (~> 0.1)

PLATFORMS
  ruby

DEPENDENCIES
  api-moip-assinaturas!
